PATH
  remote: .
  specs:
    binenc-ruby (0.1.0)
      binenc
      teLogger
      toolrack

GEM
  remote: https://rubygems.org/
  specs:
    base58 (0.2.3)
    binenc (0.1.0)
      teLogger
      toolrack
    devops_assist (0.2.0)
      git_cli
      git_cli_prompt
      gvcs
      teLogger
      toolrack
      tty-prompt
    diff-lcs (1.5.0)
    git_cli (0.9.0)
      gvcs
      ptools (~> 1.4.0)
      tlogger
      toolrack
    git_cli_prompt (0.2.2)
      tlogger
      toolrack
      tty-prompt
    gvcs (0.1.0)
    pastel (0.8.0)
      tty-color (~> 0.5)
    ptools (1.4.2)
    rake (13.0.6)
    rspec (3.11.0)
      rspec-core (~> 3.11.0)
      rspec-expectations (~> 3.11.0)
      rspec-mocks (~> 3.11.0)
    rspec-core (3.11.0)
      rspec-support (~> 3.11.0)
    rspec-expectations (3.11.0)
      diff-lcs (>= 1.2.0, < 2.0)
      rspec-support (~> 3.11.0)
    rspec-mocks (3.11.1)
      diff-lcs (>= 1.2.0, < 2.0)
      rspec-support (~> 3.11.0)
    rspec-support (3.11.0)
    teLogger (0.1.0)
    tlogger (0.26.3)
    toolrack (0.18.6)
      base58
      tlogger
    tty-color (0.6.0)
    tty-cursor (0.7.1)
    tty-prompt (0.23.1)
      pastel (~> 0.8)
      tty-reader (~> 0.8)
    tty-reader (0.9.0)
      tty-cursor (~> 0.7)
      tty-screen (~> 0.8)
      wisper (~> 2.0)
    tty-screen (0.8.1)
    wisper (2.0.1)

PLATFORMS
  x86_64-linux

DEPENDENCIES
  binenc-ruby!
  devops_assist
  rake (~> 13.0)
  rspec (~> 3.0)

BUNDLED WITH
   2.2.28
